GEM
  remote: https://rubygems.org/
  specs:
    ably (1.0.4)
      addressable (>= 2.0.0)
      em-http-request (~> 1.1)
      eventmachine (~> 1.0)
      faraday (~> 0.9)
      json
      msgpack (>= 0.6.2)
      statesman (~> 1.0.0)
      websocket-driver (~> 0.6)
    addressable (2.5.2)
      public_suffix (>= 2.0.2, < 4.0)
    backports (3.11.1)
    cookiejar (0.3.3)
    dotenv (2.2.1)
    em-http-request (1.1.5)
      addressable (>= 2.3.4)
      cookiejar (!= 0.3.1)
      em-socksify (>= 0.3)
      eventmachine (>= 1.0.3)
      http_parser.rb (>= 0.6.0)
    em-socksify (0.3.2)
      eventmachine (>= 1.0.0.beta.4)
    erubis (2.7.0)
    eventmachine (1.2.5)
    faraday (0.14.0)
      multipart-post (>= 1.2, < 3)
    http_parser.rb (0.6.0)
    json (2.1.0)
    msgpack (1.2.4)
    multi_json (1.13.1)
    multipart-post (2.0.0)
    mustermann (1.0.2)
    public_suffix (3.0.2)
    rack (2.2.3)
    rack-protection (2.0.1)
      rack
    sinatra (2.0.1)
      mustermann (~> 1.0)
      rack (~> 2.0)
      rack-protection (= 2.0.1)
      tilt (~> 2.0)
    sinatra-contrib (2.0.1)
      backports (>= 2.0)
      multi_json
      mustermann (~> 1.0)
      rack-protection (= 2.0.1)
      sinatra (= 2.0.1)
      tilt (>= 1.3, < 3)
    statesman (1.0.0)
    tilt (2.0.8)
    websocket-driver (0.7.0)
      websocket-extensions (>= 0.1.0)
    websocket-extensions (0.1.3)

PLATFORMS
  ruby

DEPENDENCIES
  ably (~> 1.0.4)
  dotenv (~> 2.2.1)
  erubis
  sinatra (~> 2.0.1)
  sinatra-contrib

RUBY VERSION
   ruby 2.4.3p205

BUNDLED WITH
   1.16.1
